GEM
  remote: https://rubygems.org/
  specs:
    curb (0.9.10)
    mini_portile2 (2.5.1)
    nokogiri (1.11.4)
      mini_portile2 (~> 2.5.0)
      racc (~> 1.4)
    racc (1.5.2)
    ruby-progressbar (1.10.1)

PLATFORMS
  ruby

DEPENDENCIES
  curb
  nokogiri
  ruby-progressbar

BUNDLED WITH
   2.1.4
